GIT
  remote: https://github.com/mongodb/mongoid
  revision: b41ad04c2e3978f806f312ad5dcb7d6cf6ee71d7
  tag: v6.0.0
  specs:
    mongoid (6.0.0)
      activemodel (~> 5.0)
      mongo (~> 2.3)

GEM
  remote: https://rubygems.org/
  specs:
    activemodel (5.0.0.1)
      activesupport (= 5.0.0.1)
    activesupport (5.0.0.1)
      concurrent-ruby (~> 1.0, >= 1.0.2)
      i18n (~> 0.7)
      minitest (~> 5.1)
      tzinfo (~> 1.1)
    bson (4.1.1)
    byebug (9.0.5)
    coderay (1.1.1)
    concurrent-ruby (1.0.2)
    digest (0.0.1)
    httparty (0.14.0)
      multi_xml (>= 0.5.2)
    i18n (0.7.0)
    json (2.0.2)
    method_source (0.8.2)
    minitest (5.9.1)
    mongo (2.3.0)
      bson (~> 4.1)
    multi_xml (0.5.5)
    pry (0.10.4)
      coderay (~> 1.1.0)
      method_source (~> 0.8.1)
      slop (~> 3.4)
    pry-byebug (3.4.0)
      byebug (~> 9.0)
      pry (~> 0.10)
    slop (3.6.0)
    thread_safe (0.3.5)
    trollop (2.1.2)
    tzinfo (1.2.2)
      thread_safe (~> 0.1)

PLATFORMS
  ruby

DEPENDENCIES
  activesupport
  digest
  httparty
  json
  mongoid!
  pry-byebug
  trollop

BUNDLED WITH
   1.13.1
