GIT
  remote: https://github.com/mongodb/mongoid
  revision: b41ad04c2e3978f806f312ad5dcb7d6cf6ee71d7
  tag: v6.0.0
  specs:
    mongoid (6.0.0)
      activemodel (~> 5.0)
      mongo (~> 2.3)

GEM
  remote: https://rubygems.org/
  specs:
    activemodel (5.0.0.1)
      activesupport (= 5.0.0.1)
    activesupport (5.0.0.1)
      concurrent-ruby (~> 1.0, >= 1.0.2)
      i18n (~> 0.7)
      minitest (~> 5.1)
      tzinfo (~> 1.1)
    bson (4.1.1)
    concurrent-ruby (1.0.2)
    i18n (0.7.0)
    minitest (5.9.1)
    mongo (2.3.0)
      bson (~> 4.1)
    thread_safe (0.3.5)
    tzinfo (1.2.2)
      thread_safe (~> 0.1)

PLATFORMS
  ruby

DEPENDENCIES
  activesupport
  mongoid!

BUNDLED WITH
   1.13.1
